PATH
  remote: .
  specs:
    seedster (0.1.6)

GEM
  remote: https://rubygems.org/
  specs:
    minitest (5.11.3)
    rake (10.5.0)

PLATFORMS
  ruby

DEPENDENCIES
  bundler (~> 1.16)
  minitest (~> 5.0)
  rake (~> 10.0)
  seedster!

BUNDLED WITH
   2.0.2
